GIT
  remote: https://github.com/amiel/showoff.git
  revision: 64454f26d4f52666db65bfa9bc69ac1cd7d68ca4
  specs:
    showoff (0.7.0)
      gli (>= 1.3.2)
      json
      nokogiri
      parslet
      redcarpet
      sinatra (~> 1.3)

GEM
  remote: http://rubygems.org/
  specs:
    blankslate (2.1.2.4)
    gli (1.5.1)
    json (1.6.5)
    nokogiri (1.5.0)
    parslet (1.2.3)
      blankslate (~> 2.0)
    rack (1.4.1)
    rack-protection (1.2.0)
      rack
    redcarpet (2.1.0)
    sinatra (1.3.2)
      rack (~> 1.3, >= 1.3.6)
      rack-protection (~> 1.2)
      tilt (~> 1.3, >= 1.3.3)
    tilt (1.3.3)

PLATFORMS
  ruby

DEPENDENCIES
  showoff!
